GEM
  specs:
    aws-sdk (2.10.79)
      aws-sdk-resources (= 2.10.79)
    aws-sdk-core (2.10.79)
      aws-sigv4 (~> 1.0)
      jmespath (~> 1.0)
    aws-sdk-resources (2.10.79)
      aws-sdk-core (= 2.10.79)
    aws-sigv4 (1.0.2)
    jmespath (1.3.1)

PLATFORMS
  ruby

DEPENDENCIES
  aws-sdk

BUNDLED WITH
   1.15.4
